NUGET
  remote: https://www.nuget.org/api/v2
    FAKE (4.40)
    FSharp.Compiler.Service (2.0.0.6)
    FSharp.Control.AsyncSeq (2.0.9)
    FSharp.Core (4.0.0.1) - redirects: force
    FSharp.Formatting (2.14.4)
      FSharp.Compiler.Service (2.0.0.6)
      FSharpVSPowerTools.Core (>= 2.3 < 2.4)
    FSharpVSPowerTools.Core (2.3)
      FSharp.Compiler.Service (>= 2.0.0.3)
    FSharpx.Async (1.13)
      FSharp.Control.AsyncSeq
      FSharp.Core
    FSharpx.Collections (1.15.2)
      FSharp.Core
    FSharpx.Core (1.8.41)
    FSharpx.Extras (2.1.3)
      FSharpx.Async
      FSharpx.Collections
    FSharpx.Http (1.8.41)
      FSharpx.Core (1.8.41)
    HtmlAgilityPack (1.4.9.5)
    Microsoft.Bcl (1.1.10) - framework: net10, net11, net20, net30, net35, net40, net40-full
      Microsoft.Bcl.Build (>= 1.0.14)
    Microsoft.Bcl.Build (1.0.21) - import_targets: false, framework: net10, net11, net20, net30, net35, net40, net40-full
    Microsoft.Net.Http (2.2.29) - framework: net10, net11, net20, net30, net35, net40, net40-full
      Microsoft.Bcl (>= 1.1.10)
      Microsoft.Bcl.Build (>= 1.0.14)
    NUnit (2.6.4)
    NUnit.Runners (2.6.4)
    Octokit (0.22)
      Microsoft.Net.Http  - framework: net10, net11, net20, net30, net35, net40, net40-full
    SourceLink.Fake (1.1)
GITHUB
  remote: fsharp/FAKE
    modules/Octokit/Octokit.fsx (dab7b5aea40c0855cf35fc7d6e67fa4f411fb24b)
      Octokit (>= 0.20)
  remote: fsprojects/FSharpx.Collections
    src/FSharpx.Collections/CircularBuffer.fs (944b8c8e464cdd10070889f53c78e9fbeb478698)